GEM
  remote: https://rubygems.org/
  specs:
    opengl-bindings2 (2.0.0)

PLATFORMS
  x86_64-linux

DEPENDENCIES
  opengl-bindings2

RUBY VERSION
   ruby 3.0.2p107

BUNDLED WITH
   2.2.31
